GEM
  remote: https://rubygems.org/
  specs:
    colorize (0.6.0)
    excon (0.29.0)
    fattr (2.2.1)
    highline (1.6.20)
    libarchive-ruby (0.0.3)
    options (2.3.0)
      fattr
    progress_bar (1.0.0)
      highline (~> 1.6.1)
      options (~> 2.3.0)
    trollop (2.0)

PLATFORMS
  ruby

DEPENDENCIES
  colorize
  excon
  libarchive-ruby
  progress_bar
  trollop
