GEM
  remote: https://rubygems.org/
  specs:
    colorize (0.6.0)
    excon (0.29.0)
    trollop (2.0)

PLATFORMS
  ruby

DEPENDENCIES
  colorize
  excon
  trollop
