GEM
  remote: https://rubygems.org/
  specs:
    colorize (0.6.0)
    commander (4.1.5)
      highline (~> 1.6.11)
    excon (0.29.0)
    fattr (2.2.1)
    highline (1.6.20)
    minitar (0.5.4)
    options (2.3.0)
      fattr
    progress_bar (1.0.0)
      highline (~> 1.6.1)
      options (~> 2.3.0)
    trollop (2.0)

PLATFORMS
  ruby

DEPENDENCIES
  colorize
  commander
  excon
  minitar
  progress_bar
  trollop
